GEM
  remote: https://rubygems.org/
  specs:
    beefcake (1.0.0)
    docker-api (1.34.0)
      excon (>= 0.47.0)
      multi_json
    excon (0.60.0)
    mtrc (0.0.4)
    multi_json (1.12.2)
    riemann-client (0.2.6)
      beefcake (>= 0.3.5, <= 1.0.0)
      mtrc (>= 0.0.4)
      trollop (>= 1.16.2)
    trollop (2.1.2)

PLATFORMS
  ruby

DEPENDENCIES
  docker-api
  riemann-client

BUNDLED WITH
   1.16.0
